GEM
  remote: https://rubygems.org/
  specs:
    Ascii85 (2.0.1)
    activemodel (8.0.1)
      activesupport (= 8.0.1)
    activerecord (8.0.1)
      activemodel (= 8.0.1)
      activesupport (= 8.0.1)
      timeout (>= 0.4.0)
    activesupport (8.0.1)
      base64
      benchmark (>= 0.3)
      bigdecimal
      concurrent-ruby (~> 1.0, >= 1.3.1)
      connection_pool (>= 2.2.5)
      drb
      i18n (>= 1.6, < 2)
      logger (>= 1.4.2)
      minitest (>= 5.1)
      securerandom (>= 0.3)
      tzinfo (~> 2.0, >= 2.0.5)
      uri (>= 0.13.1)
    addressable (2.8.7)
      public_suffix (>= 2.0.2, < 7.0)
    afm (0.2.2)
    asciidoctor (2.0.23)
    asciidoctor-pdf (2.3.19)
      asciidoctor (~> 2.0)
      concurrent-ruby (~> 1.1)
      matrix (~> 0.4)
      prawn (~> 2.4.0)
      prawn-icon (~> 3.0.0)
      prawn-svg (~> 0.34.0)
      prawn-table (~> 0.2.0)
      prawn-templates (~> 0.1.0)
      treetop (~> 1.6.0)
      ttfunk (~> 1.7.0)
    ast (2.4.2)
    awesome_print (1.9.2)
    base64 (0.2.0)
    bcrypt (3.1.20)
    benchmark (0.4.0)
    bigdecimal (3.1.9)
    coderay (1.1.3)
    concurrent-ruby (1.3.5)
    connection_pool (2.5.0)
    css_parser (1.21.0)
      addressable
    drb (2.2.1)
    hashery (2.1.2)
    i18n (1.14.7)
      concurrent-ruby (~> 1.0)
    json (2.9.1)
    language_server-protocol (3.17.0.3)
    logger (1.6.5)
    matrix (0.4.2)
    mini_portile2 (2.8.8)
    minitest (5.25.4)
    parallel (1.26.3)
    parser (3.3.7.0)
      ast (~> 2.4.1)
      racc
    pdf-core (0.9.0)
    pdf-reader (2.13.0)
      Ascii85 (>= 1.0, < 3.0, != 2.0.0)
      afm (~> 0.2.1)
      hashery (~> 2.0)
      ruby-rc4
      ttfunk
    polyglot (0.3.5)
    prawn (2.4.0)
      pdf-core (~> 0.9.0)
      ttfunk (~> 1.7)
    prawn-icon (3.0.0)
      prawn (>= 1.1.0, < 3.0.0)
    prawn-svg (0.34.2)
      css_parser (~> 1.6)
      matrix (~> 0.4.2)
      prawn (>= 0.11.1, < 3)
      rexml (~> 3.2)
    prawn-table (0.2.2)
      prawn (>= 1.3.0, < 3.0.0)
    prawn-templates (0.1.2)
      pdf-reader (~> 2.0)
      prawn (~> 2.2)
    public_suffix (6.0.1)
    pygments.rb (3.0.0)
    racc (1.8.1)
    rainbow (3.1.1)
    rake (13.2.1)
    regexp_parser (2.10.0)
    rexml (3.4.0)
    rouge (4.5.1)
    rubocop (1.71.0)
      json (~> 2.3)
      language_server-protocol (>= 3.17.0)
      parallel (~> 1.10)
      parser (>= 3.3.0.2)
      rainbow (>= 2.2.2, < 4.0)
      regexp_parser (>= 2.9.3, < 3.0)
      rubocop-ast (>= 1.36.2, < 2.0)
      ruby-progressbar (~> 1.7)
      unicode-display_width (>= 2.4.0, < 4.0)
    rubocop-ast (1.37.0)
      parser (>= 3.3.1.0)
    ruby-progressbar (1.13.0)
    ruby-rc4 (0.1.5)
    rubyzip (2.4.1)
    securerandom (0.4.1)
    sqlite3 (2.5.0)
      mini_portile2 (~> 2.8.0)
    sqlite3 (2.5.0-arm64-darwin)
    thor (1.3.2)
    thread_safe (0.3.6)
    timeout (0.4.3)
    treetop (1.6.14)
      polyglot (~> 0.3)
    ttfunk (1.7.0)
    tzinfo (2.0.6)
      concurrent-ruby (~> 1.0)
    unicode (0.4.4.5)
    unicode-display_width (3.1.4)
      unicode-emoji (~> 4.0, >= 4.0.4)
    unicode-emoji (4.0.4)
    uri (1.0.2)
    webrick (1.9.1)

PLATFORMS
  arm64-darwin-23
  ruby

DEPENDENCIES
  activerecord
  asciidoctor
  asciidoctor-pdf
  awesome_print
  bcrypt
  coderay
  json
  pygments.rb
  rake
  rouge
  rubocop
  rubyzip
  sqlite3
  thor
  thread_safe
  unicode
  unicode-display_width
  webrick

RUBY VERSION
   ruby 3.3.1p55

BUNDLED WITH
   2.6.2
